PATH
  remote: .
  specs:
    nicoquery (0.0.1.4)
      activesupport (~> 4.0.0)
      i18n
      nicoapi
      nokogiri
      nori
      rest-client

GEM
  remote: https://rubygems.org/
  specs:
    activesupport (4.0.0)
      i18n (~> 0.6, >= 0.6.4)
      minitest (~> 4.2)
      multi_json (~> 1.3)
      thread_safe (~> 0.1)
      tzinfo (~> 0.3.37)
    atomic (1.1.12)
    coderay (1.0.9)
    diff-lcs (1.2.4)
    i18n (0.6.4)
    method_source (0.8.2)
    mime-types (1.23)
    mini_portile (0.5.1)
    minitest (4.7.5)
    multi_json (1.7.8)
    nicoapi (0.0.4)
      activesupport (~> 4.0.0)
      i18n
      rest-client
    nokogiri (1.6.0)
      mini_portile (~> 0.5.0)
    nori (2.3.0)
    pry (0.9.12.2)
      coderay (~> 1.0.5)
      method_source (~> 0.8)
      slop (~> 3.4)
    rake (10.1.0)
    rest-client (1.6.7)
      mime-types (>= 1.16)
    rspec (2.14.1)
      rspec-core (~> 2.14.0)
      rspec-expectations (~> 2.14.0)
      rspec-mocks (~> 2.14.0)
    rspec-core (2.14.4)
    rspec-expectations (2.14.0)
      diff-lcs (>= 1.1.3, < 2.0)
    rspec-mocks (2.14.2)
    slop (3.4.6)
    thread_safe (0.1.2)
      atomic
    tzinfo (0.3.37)
    watchr (0.7)

PLATFORMS
  ruby

DEPENDENCIES
  bundler (~> 1.3)
  nicoquery!
  pry
  rake
  rspec
  watchr
