PATH
  remote: .
  specs:
    nicoapi-core (0.0.1)
      active_support
      i18n
      rest-client

GEM
  remote: https://rubygems.org/
  specs:
    active_support (3.0.0)
      activesupport (= 3.0.0)
    activesupport (3.0.0)
    coderay (1.0.9)
    diff-lcs (1.2.4)
    i18n (0.6.4)
    method_source (0.8.1)
    mime-types (1.23)
    pry (0.9.12.2)
      coderay (~> 1.0.5)
      method_source (~> 0.8)
      slop (~> 3.4)
    rake (10.1.0)
    rest-client (1.6.7)
      mime-types (>= 1.16)
    rspec (2.14.1)
      rspec-core (~> 2.14.0)
      rspec-expectations (~> 2.14.0)
      rspec-mocks (~> 2.14.0)
    rspec-core (2.14.3)
    rspec-expectations (2.14.0)
      diff-lcs (>= 1.1.3, < 2.0)
    rspec-mocks (2.14.1)
    slop (3.4.5)
    watchr (0.7)

PLATFORMS
  ruby

DEPENDENCIES
  bundler (~> 1.3)
  nicoapi-core!
  pry
  rake
  rspec
  watchr
